PATH
  remote: .
  specs:
    nucop (0.1.0)
      git_diff_parser (= 3.2)
      rubocop (= 0.75.1)
      rubocop-performance (= 1.5.0)
      rubocop-rails (= 2.3.2)
      rubocop-rspec (= 1.36.0)
      ruby-progressbar (~> 1.10)

GEM
  remote: https://rubygems.org/
  specs:
    ast (2.4.0)
    diff-lcs (1.3)
    git_diff_parser (3.2.0)
    jaro_winkler (1.5.4)
    parallel (1.18.0)
    parser (2.6.5.0)
      ast (~> 2.4.0)
    rack (2.0.7)
    rainbow (3.0.0)
    rake (13.0.0)
    rspec (3.9.0)
      rspec-core (~> 3.9.0)
      rspec-expectations (~> 3.9.0)
      rspec-mocks (~> 3.9.0)
    rspec-core (3.9.0)
      rspec-support (~> 3.9.0)
    rspec-expectations (3.9.0)
      diff-lcs (>= 1.2.0, < 2.0)
      rspec-support (~> 3.9.0)
    rspec-mocks (3.9.0)
      diff-lcs (>= 1.2.0, < 2.0)
      rspec-support (~> 3.9.0)
    rspec-support (3.9.0)
    rubocop (0.75.1)
      jaro_winkler (~> 1.5.1)
      parallel (~> 1.10)
      parser (>= 2.6)
      rainbow (>= 2.2.2, < 4.0)
      ruby-progressbar (~> 1.7)
      unicode-display_width (>= 1.4.0, < 1.7)
    rubocop-performance (1.5.0)
      rubocop (>= 0.71.0)
    rubocop-rails (2.3.2)
      rack (>= 1.1)
      rubocop (>= 0.72.0)
    rubocop-rspec (1.36.0)
      rubocop (>= 0.68.1)
    ruby-progressbar (1.10.1)
    unicode-display_width (1.6.0)

PLATFORMS
  ruby

DEPENDENCIES
  nucop!
  rake (= 13.0.0)
  rspec (= 3.9.0)

BUNDLED WITH
   1.17.3
